GIT
  remote: git://github.com/paul-e-allen/cucloud_ruby.git
  revision: f7b453c51d5fccfcdb2d2c7d8ddb0cc8ef479375
  branch: master
  specs:
    cucloud (0.6.1)
      aws-sdk (~> 2)
      uuid (~> 2.3)

GEM
  remote: https://rubygems.org/
  specs:
    aws-sdk (2.5.6)
      aws-sdk-resources (= 2.5.6)
    aws-sdk-core (2.5.6)
      jmespath (~> 1.0)
    aws-sdk-resources (2.5.6)
      aws-sdk-core (= 2.5.6)
    jmespath (1.3.1)
    macaddr (1.7.1)
      systemu (~> 2.6.2)
    mysql2 (0.4.4)
    systemu (2.6.5)
    uuid (2.3.8)
      macaddr (~> 1.0)

PLATFORMS
  ruby

DEPENDENCIES
  aws-sdk (~> 2.5, >= 2.5.5)
  cucloud!
  mysql2 (~> 0.4.4)

BUNDLED WITH
   1.12.5
