GEM
  remote: https://rubygems.org/
  specs:
    aws-sdk (2.5.5)
      aws-sdk-resources (= 2.5.5)
    aws-sdk-core (2.5.5)
      jmespath (~> 1.0)
    aws-sdk-resources (2.5.5)
      aws-sdk-core (= 2.5.5)
    jmespath (1.3.1)
    mysql2 (0.4.4)

PLATFORMS
  ruby

DEPENDENCIES
  aws-sdk (~> 2.5, >= 2.5.5)
  mysql2 (~> 0.4.4)

BUNDLED WITH
   1.12.5
